GIT
  remote: git://github.com/mongodb/mongo-ruby-driver.git
  revision: 186f8ecfb3338fb1924ba666a045dcd7ba3de562
  specs:
    mongo (2.0.0.alpha)
      bson (= 2.0.0.rc1)

GEM
  remote: https://rubygems.org/
  specs:
    activemodel (3.2.14)
      activesupport (= 3.2.14)
      builder (~> 3.0.0)
    activesupport (3.2.14)
      i18n (~> 0.6, >= 0.6.4)
      multi_json (~> 1.0)
    bson (2.0.0.rc1)
    builder (3.0.4)
    i18n (0.6.5)
    mongoid (3.0.23)
      activemodel (~> 3.1)
      moped (~> 1.2)
      origin (~> 1.0)
      tzinfo (~> 0.3.22)
    moped (1.5.1)
    multi_json (1.7.9)
    origin (1.1.0)
    tzinfo (0.3.37)
    uuidtools (2.1.4)

PLATFORMS
  ruby

DEPENDENCIES
  mongo!
  mongoid (~> 3.0.0)
  uuidtools
